GIT
  remote: git://github.com/sinatra/sinatra.git
  revision: 04a02ac2b7400ab456126dbfce5519cbc200b61a
  specs:
    rack-protection (2.0.7)
      rack
    sinatra (2.0.7)
      mustermann (~> 1.0)
      rack (~> 2.0)
      rack-protection (= 2.0.7)
      tilt (~> 2.0)

GEM
  remote: https://rubygems.org/
  specs:
    daemons (1.1.9)
    eventmachine (1.0.3)
    mustermann (1.0.3)
    rack (2.0.8)
    thin (1.6.0)
      daemons (>= 1.0.9)
      eventmachine (>= 1.0.0)
      rack (>= 1.5.0)
    tilt (2.0.10)

PLATFORMS
  ruby

DEPENDENCIES
  rack (>= 1.6.11)
  sinatra!
  thin
